GEM
  remote: https://rubygems.org/
  specs:
    ffi (1.9.18)
    master (0.1.0)

PLATFORMS
  ruby

DEPENDENCIES
  ffi (= 1.9.18)
  master

BUNDLED WITH
   1.14.3
